PATH
  remote: .
  specs:
    rack_http_preload (0.1.0)

GEM
  remote: https://rubygems.org/
  specs:
    mime-types (3.0)
      mime-types-data (~> 3.2015)
    mime-types-data (3.2016.0221)
    minitest (5.8.4)
    rack (1.6.4)
    rack-protection (1.5.3)
      rack
    rake (10.5.0)
    sinatra (1.4.7)
      rack (~> 1.5)
      rack-protection (~> 1.4)
      tilt (>= 1.3, < 3)
    tilt (2.0.2)

PLATFORMS
  ruby

DEPENDENCIES
  bundler (~> 1.11)
  mime-types (~> 3.0)
  minitest (~> 5.0)
  rack (~> 1.6)
  rack_http_preload!
  rake (~> 10.0)
  sinatra (~> 1.4)

BUNDLED WITH
   1.11.2
